PATH
  remote: ..
  specs:
    sinja (0.2.0.beta2)
      activesupport (>= 4.2.7.1, < 6)
      json (>= 1.8.3, < 3)
      jsonapi-serializers (~> 0.16)
      mustermann (>= 1.0.0.beta2, < 2)
      sinatra (>= 1.4.7, < 3)
      sinatra-contrib (>= 1.4.7, < 3)

GEM
  remote: https://rubygems.org/
  specs:
    activesupport (5.0.0.1)
      concurrent-ruby (~> 1.0, >= 1.0.2)
      i18n (~> 0.7)
      minitest (~> 5.1)
      tzinfo (~> 1.1)
    backports (3.6.8)
    concurrent-ruby (1.0.2)
    i18n (0.7.0)
    json (2.0.2)
    jsonapi-serializers (0.16.1)
      activesupport
    minitest (5.10.0)
    minitest-hooks (1.4.0)
    multi_json (1.12.1)
    mustermann (1.0.0.beta2)
    rack (1.6.5)
    rack-protection (1.5.3)
      rack
    rack-test (0.6.3)
      rack (>= 1.0)
    rake (11.3.0)
    sequel (4.40.0)
    sinatra (1.4.7)
      rack (~> 1.5)
      rack-protection (~> 1.4)
      tilt (>= 1.3, < 3)
    sinatra-contrib (1.4.7)
      backports (>= 2.0)
      multi_json
      rack-protection
      rack-test
      sinatra (~> 1.4.0)
      tilt (>= 1.3, < 3)
    sqlite3 (1.3.12)
    thread_safe (0.3.5)
    tilt (2.0.5)
    tzinfo (1.2.2)
      thread_safe (~> 0.1)

PLATFORMS
  ruby

DEPENDENCIES
  bundler (~> 1.11)
  minitest (~> 5.9)
  minitest-hooks (~> 1.4)
  rake (~> 11.3)
  sequel (~> 4.38)
  sinja!
  sqlite3 (~> 1.3)

BUNDLED WITH
   1.13.6
